GEM
  remote: https://rubygems.org/
  specs:
    apple_certs_info (0.3.2)
    slack-notifier (2.4.0)

PLATFORMS
  arm64-darwin-21

DEPENDENCIES
  apple_certs_info
  slack-notifier

BUNDLED WITH
   2.3.7
